GEM
  remote: https://rubygems.org/
  specs:
    celluloid (0.15.2)
      timers (~> 1.1.0)
    connection_pool (1.2.0)
    json (1.8.1)
    redis (3.0.6)
    redis-namespace (1.4.1)
      redis (~> 3.0.4)
    sidekiq (2.17.2)
      celluloid (>= 0.15.2)
      connection_pool (>= 1.0.0)
      json
      redis (>= 3.0.6)
      redis-namespace (>= 1.3.1)
    timers (1.1.0)

PLATFORMS
  ruby

DEPENDENCIES
  sidekiq
